PATH
  remote: .
  specs:
    collins_shell (0.2.24)
      collins_client (~> 0.2.11)
      highline (~> 1.6.15)
      mustache (~> 0.99.4)
      pry (~> 0.9.9.6)
      terminal-table (~> 1.4.5)
      thor (~> 0.16.0)

GEM
  remote: http://rubygems.org/
  specs:
    capistrano (2.15.9)
      highline
      net-scp (>= 1.0.0)
      net-sftp (>= 2.0.0)
      net-ssh (>= 2.0.14)
      net-ssh-gateway (>= 1.1.0)
    coderay (1.0.9)
    collins_client (0.2.19)
      httparty (~> 0.11.0)
    diff-lcs (1.1.3)
    highline (1.6.21)
    httparty (0.11.0)
      multi_json (~> 1.0)
      multi_xml (>= 0.5.2)
    method_source (0.7.1)
    multi_json (1.12.1)
    multi_xml (0.6.0)
    mustache (0.99.8)
    net-scp (1.2.1)
      net-ssh (>= 2.6.5)
    net-sftp (2.1.2)
      net-ssh (>= 2.6.5)
    net-ssh (4.1.0)
    net-ssh-gateway (2.0.0)
      net-ssh (>= 4.0.0)
    pry (0.9.9.6)
      coderay (~> 1.0.5)
      method_source (~> 0.7.1)
      slop (>= 2.4.4, < 3)
    redcarpet (2.2.2)
    rspec (2.10.0)
      rspec-core (~> 2.10.0)
      rspec-expectations (~> 2.10.0)
      rspec-mocks (~> 2.10.0)
    rspec-core (2.10.1)
    rspec-expectations (2.10.0)
      diff-lcs (~> 1.1.3)
    rspec-mocks (2.10.1)
    slop (2.4.4)
    terminal-table (1.4.5)
    thor (0.16.0)
    yard (0.8.3)

PLATFORMS
  ruby

DEPENDENCIES
  capistrano (~> 2.15.5)
  collins_shell!
  redcarpet
  rspec (~> 2.10.0)
  yard (~> 0.8)

BUNDLED WITH
   1.13.6
